GEM
  remote: https://rubygems.org/
  specs:
    coderay (1.1.0)
    deepopenstruct (0.1.2)
    ffi (1.9.3-java)
    json (1.8.1)
    json (1.8.1-java)
    kgio (2.9.2)
    method_source (0.8.2)
    pry (0.10.1)
      coderay (~> 1.1.0)
      method_source (~> 0.8.1)
      slop (~> 3.4)
    pry (0.10.1-java)
      coderay (~> 1.1.0)
      method_source (~> 0.8.1)
      slop (~> 3.4)
      spoon (~> 0.0)
    rack (1.5.2)
    rack-protection (1.5.3)
      rack
    raindrops (0.13.0)
    rottentomatoes (1.1.0)
      deepopenstruct (>= 0.1.2)
      json
    shotgun (0.9)
      rack (>= 1.0)
    sinatra (1.4.5)
      rack (~> 1.4)
      rack-protection (~> 1.4)
      tilt (~> 1.3, >= 1.3.4)
    slop (3.6.0)
    spoon (0.0.4)
      ffi
    tilt (1.4.1)
    unicorn (4.8.3)
      kgio (~> 2.6)
      rack
      raindrops (~> 0.7)

PLATFORMS
  java
  ruby

DEPENDENCIES
  pry
  rottentomatoes
  shotgun
  sinatra
  unicorn
