GEM
  remote: https://rubygems.org/
  specs:
    coderay (1.1.0)
    deepopenstruct (0.1.2)
    json (1.8.1)
    method_source (0.8.2)
    pry (0.10.1)
      coderay (~> 1.1.0)
      method_source (~> 0.8.1)
      slop (~> 3.4)
    rack (1.5.2)
    rack-protection (1.5.3)
      rack
    rottentomatoes (1.1.0)
      deepopenstruct (>= 0.1.2)
      json
    shotgun (0.9)
      rack (>= 1.0)
    sinatra (1.4.5)
      rack (~> 1.4)
      rack-protection (~> 1.4)
      tilt (~> 1.3, >= 1.3.4)
    slop (3.6.0)
    tilt (1.4.1)

PLATFORMS
  ruby

DEPENDENCIES
  pry
  rottentomatoes
  shotgun
  sinatra
